GEM
  remote: http://rubygems.org/
  specs:
    actionmailer (2.3.11)
      actionpack (= 2.3.11)
    actionpack (2.3.11)
      activesupport (= 2.3.11)
      rack (~> 1.1.0)
    activerecord (2.3.11)
      activesupport (= 2.3.11)
    activeresource (2.3.11)
      activesupport (= 2.3.11)
    activesupport (2.3.11)
    builder (2.1.2)
    columnize (0.3.4)
    crypt-isaac (0.9.1)
    cucumber (0.3.1)
      builder (>= 2.1.2)
      diff-lcs (>= 1.1.2)
      polyglot (>= 0.2.5)
      term-ansicolor (>= 1.0.3)
      treetop (>= 1.2.5)
    diff-lcs (1.1.2)
    highline (1.4.0)
    hpricot (0.6.161)
    json (1.1.3)
    linecache (0.46)
      rbx-require-relative (> 0.0.4)
    mini_portile2 (2.8.0)
    mysql (2.8.1)
    nokogiri (1.13.6)
      mini_portile2 (~> 2.8.0)
      racc (~> 1.4)
    parseexcel (0.5.2)
    polyglot (0.3.1)
    racc (1.6.0)
    rack (1.1.2)
    rack-debug (1.4.2)
      rack (>= 1.0)
      ruby-debug (>= 0.10)
    rails (2.3.11)
      actionmailer (= 2.3.11)
      actionpack (= 2.3.11)
      activerecord (= 2.3.11)
      activeresource (= 2.3.11)
      activesupport (= 2.3.11)
      rake (>= 0.8.3)
    rake (0.9.2)
    rbx-require-relative (0.0.5)
    rest-client (0.8.2)
    rspec (1.3.0)
    rspec-rails (1.3.2)
      rack (>= 1.0.0)
      rspec (>= 1.3.0)
    ruby-debug (0.10.3)
      columnize (>= 0.1)
      ruby-debug-base (~> 0.10.3.0)
    ruby-debug-base (0.10.3)
      linecache (>= 0.3)
    rubycas-client (2.1.0)
      activesupport
    spork (0.8.4)
    term-ansicolor (1.0.5)
    treetop (1.4.8)
      polyglot (>= 0.3.1)
    validatable (1.6.7)

PLATFORMS
  ruby

DEPENDENCIES
  crypt-isaac (= 0.9.1)
  cucumber (= 0.3.1)
  highline (= 1.4.0)
  hpricot (= 0.6.161)
  json (= 1.1.3)
  mysql (= 2.8.1)
  nokogiri (= 1.13.6)
  parseexcel (= 0.5.2)
  rack-debug (= 1.4.2)
  rails (= 2.3.11)
  rest-client (= 0.8.2)
  rspec (= 1.3.0)
  rspec-rails (= 1.3.2)
  ruby-debug (= 0.10.3)
  rubycas-client (= 2.1.0)
  spork (= 0.8.4)
  validatable (= 1.6.7)
